PATH
  remote: .
  specs:
    tributa (0.1.2)
      nokogiri

GEM
  remote: https://rubygems.org/
  specs:
    addressable (2.8.1)
      public_suffix (>= 2.0.2, < 6.0)
    byebug (11.0.1)
    crack (0.4.5)
      rexml
    hashdiff (1.0.0)
    mini_portile2 (2.4.0)
    minitest (5.15.0)
    nokogiri (1.10.10)
      mini_portile2 (~> 2.4.0)
    public_suffix (4.0.7)
    rake (12.3.3)
    rexml (3.2.5)
    webmock (3.18.1)
      addressable (>= 2.8.0)
      crack (>= 0.3.2)
      hashdiff (>= 0.4.0, < 2.0.0)

PLATFORMS
  ruby

DEPENDENCIES
  byebug
  minitest (~> 5.0)
  nokogiri
  rake (~> 12.0)
  tributa!
  webmock

BUNDLED WITH
   2.1.4
